PATH
  remote: .
  specs:
    calaboose (1.0
      .5)
      docker-api (~> 1.19)
      msgpack (~> 0.5, >= 0.5.6)
      yajl-ruby (~> 1.1, >= 1.1.0)

GEM
  remote: https://rubygems.org/
  specs:
    diff-lcs (1.2.5)
    docker-api (1.31.0)
      excon (>= 0.38.0)
      json
    excon (0.52.0)
    json (2.0.2)
    msgpack (0.7.6)
    rake (11.2.2)
    rspec (2.99.0)
      rspec-core (~> 2.99.0)
      rspec-expectations (~> 2.99.0)
      rspec-mocks (~> 2.99.0)
    rspec-core (2.99.2)
    rspec-expectations (2.99.2)
      diff-lcs (>= 1.1.3, < 2.0)
    rspec-mocks (2.99.4)
    yajl-ruby (1.2.1)

PLATFORMS
  ruby

DEPENDENCIES
  calaboose!
  rake
  rspec (~> 2.14, >= 2.14.1)

BUNDLED WITH
   1.12.5
